GEM
  remote: https://rubygems.org/
  specs:
    dogstatsd-ruby (4.1.0)

PLATFORMS
  ruby

DEPENDENCIES
  dogstatsd-ruby

BUNDLED WITH
   1.17.2
